GEM
  remote: http://rubygems.org/
  specs:
    activesupport (3.2.1)
      i18n (~> 0.6)
      multi_json (~> 1.0)
    configliere (0.4.8)
      json
    diff-lcs (1.1.3)
    hashie (1.2.0)
    httparty (0.8.1)
      multi_json
      multi_xml
    i18n (0.6.0)
    json (1.6.5)
    multi_json (1.1.0)
    multi_xml (0.4.1)
    pubnub-ruby (0.0.5)
      json
    redis (2.2.2)
    rspec (2.8.0)
      rspec-core (~> 2.8.0)
      rspec-expectations (~> 2.8.0)
      rspec-mocks (~> 2.8.0)
    rspec-core (2.8.0)
    rspec-expectations (2.8.0)
      diff-lcs (~> 1.1.2)
    rspec-mocks (2.8.0)

PLATFORMS
  ruby

DEPENDENCIES
  activesupport
  configliere
  hashie
  httparty
  pubnub-ruby
  redis
  rspec
